PATH
  remote: components/finance
  specs:
    finance (0.1.0)
      authn
      authz

PATH
  remote: components
  specs:
    authn (0.1.0)
    authz (0.1.0)
      authn
    hr (0.1.0)
      authn
      authz
      finance
      lockbox
    sales (0.1.0)
      authn
      authz
      hr

GEM
  remote: https://rubygems.org/
  specs:
    lockbox (1.1.0)
    useragent (0.16.10)

PLATFORMS
  arm64-darwin-22
  ruby
  x86_64-linux

DEPENDENCIES
  authn!
  authz!
  finance!
  hr!
  sales!
  useragent

BUNDLED WITH
   1.17.3
